PATH
  remote: .
  specs:
    LEGO_deals (0.1.0)
      nokogiri

GEM
  remote: https://rubygems.org/
  specs:
    coderay (1.1.3)
    method_source (1.0.0)
    nokogiri (1.14.3-x86_64-darwin)
      racc (~> 1.4)
    nokogiri (1.14.3-x86_64-linux)
      racc (~> 1.4)
    pry (0.14.1)
      coderay (~> 1.1)
      method_source (~> 1.0)
    racc (1.6.2)
    rake (13.0.4)

PLATFORMS
  x86_64-darwin-20
  x86_64-linux

DEPENDENCIES
  LEGO_deals!
  bundler (>= 2.2.10)
  pry
  rake (>= 12.3.3)

BUNDLED WITH
   2.2.21
