PATH
  remote: .
  specs:
    LEGO_deals (0.1.0)
      nokogiri

GEM
  remote: https://rubygems.org/
  specs:
    coderay (1.1.2)
    method_source (0.9.0)
    mini_portile2 (2.5.3)
    nokogiri (1.11.7)
      mini_portile2 (~> 2.5.0)
      racc (~> 1.4)
    pry (0.11.3)
      coderay (~> 1.1.0)
      method_source (~> 0.9.0)
    racc (1.5.2)
    rake (10.4.2)

PLATFORMS
  ruby

DEPENDENCIES
  LEGO_deals!
  bundler (~> 1.16)
  pry
  rake (~> 10.0)

BUNDLED WITH
   1.16.0
